PATH
  remote: .
  specs:
    generate_data_uri (0.0.3)
      mime-types (~> 1.1)

GEM
  remote: http://rubygems.org/
  specs:
    mime-types (1.17.2)
    rake (0.9.2.2)

PLATFORMS
  ruby

DEPENDENCIES
  generate_data_uri!
  rake
